PATH
  remote: .
  specs:
    ruby-alsa (0.8)
      ffi (>= 0.6.3)

GEM
  remote: http://rubygems.org/
  specs:
    ZenTest (4.5.0)
    autotest (4.4.6)
      ZenTest (>= 4.4.1)
    diff-lcs (1.1.2)
    ffi (1.0.6)
      rake (>= 0.8.7)
    rake (0.8.7)
    rake-debian-build (1.0.16)
    rcov (0.9.9)
    rspec (2.5.0)
      rspec-core (~> 2.5.0)
      rspec-expectations (~> 2.5.0)
      rspec-mocks (~> 2.5.0)
    rspec-core (2.5.1)
    rspec-expectations (2.5.0)
      diff-lcs (~> 1.1.2)
    rspec-mocks (2.5.0)

PLATFORMS
  ruby

DEPENDENCIES
  autotest
  ffi (>= 0.6.3)
  rake
  rake-debian-build
  rcov
  rspec
  ruby-alsa!
