PATH
  remote: .
  specs:
    ruby-alsa (0.8)
      ffi (>= 1.2.0)

GEM
  remote: https://rubygems.org/
  specs:
    diff-lcs (1.1.2)
    ffi (1.9.3)
    rake (10.1.1)
    rspec (2.5.0)
      rspec-core (~> 2.5.0)
      rspec-expectations (~> 2.5.0)
      rspec-mocks (~> 2.5.0)
    rspec-core (2.5.1)
    rspec-expectations (2.5.0)
      diff-lcs (~> 1.1.2)
    rspec-mocks (2.5.0)

PLATFORMS
  ruby

DEPENDENCIES
  rake
  rspec
  ruby-alsa!
